GEM
  remote: http://rubygems.org/
  specs:
    activemodel (3.0.10)
      activesupport (= 3.0.10)
      builder (~> 2.1.2)
      i18n (~> 0.5.0)
    activesupport (3.0.10)
    addressable (2.2.6)
    bson (1.3.1)
    bson_ext (1.3.1)
    builder (2.1.2)
    capybara (1.0.1)
      mime-types (>= 1.16)
      nokogiri (>= 1.3.3)
      rack (>= 1.0.0)
      rack-test (>= 0.5.4)
      selenium-webdriver (~> 2.0)
      xpath (~> 0.1.4)
    childprocess (0.2.2)
      ffi (~> 1.0.6)
    cucumber (1.0.2)
      builder (>= 2.1.2)
      diff-lcs (>= 1.1.2)
      gherkin (~> 2.4.5)
      json (>= 1.4.6)
      term-ansicolor (>= 1.0.5)
    diff-lcs (1.1.3)
    ffi (1.0.9)
    gherkin (2.4.16)
      json (>= 1.4.6)
    haml (3.1.2)
    heroku (2.5.2)
      launchy (>= 0.3.2)
      rest-client (~> 1.6.1)
      term-ansicolor (~> 1.0.5)
    i18n (0.5.0)
    jsmin (1.0.1)
    json (1.5.3)
    json_pure (1.5.3)
    launchy (2.0.5)
      addressable (~> 2.2.6)
    mime-types (1.16)
    mongo (1.3.1)
      bson (>= 1.3.1)
    mongoid (2.2.0)
      activemodel (~> 3.0)
      mongo (~> 1.3)
      tzinfo (~> 0.3.22)
    nokogiri (1.5.0)
    rack (1.3.2)
    rack-flash (0.1.2)
      rack
    rack-test (0.6.1)
      rack (>= 1.0)
    rest-client (1.6.7)
      mime-types (>= 1.16)
    rspec (2.6.0)
      rspec-core (~> 2.6.0)
      rspec-expectations (~> 2.6.0)
      rspec-mocks (~> 2.6.0)
    rspec-core (2.6.4)
    rspec-expectations (2.6.0)
      diff-lcs (~> 1.1.2)
    rspec-mocks (2.6.0)
    rubyzip (0.9.4)
    sass (3.1.7)
    selenium-webdriver (2.5.0)
      childprocess (>= 0.2.1)
      ffi (>= 1.0.7)
      json_pure
      rubyzip
    sinatra (1.2.6)
      rack (~> 1.1)
      tilt (< 2.0, >= 1.2.2)
    sinatra-assetpack (0.0.8)
      jsmin
      rack-test
      sinatra
      tilt (>= 1.3.0)
    sinatra-redirect-with-flash (0.1.2)
      rack-flash (>= 0.1.1)
      sinatra (>= 0.9.1)
    term-ansicolor (1.0.6)
    tilt (1.3.3)
    tzinfo (0.3.29)
    xpath (0.1.4)
      nokogiri (~> 1.3)

PLATFORMS
  ruby

DEPENDENCIES
  bson_ext (~> 1.3)
  capybara
  cucumber
  haml
  heroku
  mongoid (~> 2.1)
  rack-flash
  rspec
  sass
  sinatra
  sinatra-assetpack
  sinatra-redirect-with-flash
